{
	"TaskName": "task-sleep",
	"SamplingFrequency": 2048,
	"PowerLineFrequency": 50,
	"SoftwareFilters": "n\/a",
	"DCOffsetCorrection": "n\/a",
	"HardwareFilters": {
		"HighpassFilter": {
			"CutoffFrequency": 0.15
		},
		"LowpassFilter": {
			"CutoffFrequency": 468
		}
	},
	"Manufacturer": "Micromed",
	"ManufacturersModelName": "LTM64 Express",
	"TaskDescription": "Patient is sleeping.",
	"Instructions": "No instruction is given",
	"InstitutionName": "University Medical Center Utrecht, Division Brain, Clinical Neurophysiology Department",
	"InstitutionAddress": "Heidelberglaan 100, 3584 CX Utrecht",
	"DeviceSerialNumber": "n\/a",
	"ECOGChannelCount": 0,
	"SEEGChannelCount": 44,
	"EEGChannelCount": 0,
	"EOGChannelCount": 0,
	"ECGChannelCount": 1,
	"EMGChannelCount": 1,
	"MiscChannelCount": 0,
	"TriggerChannelCount": 1,
	"RecordingDuration": 3600.09375,
	"RecordingType": "continuous",
	"EpochLength": 0,
	"SubjectArtefactDescription": "artefacts are annotated manually when patient moves (which gives artefacts in all electrodes), or when an electrode is malfunctioning for a short period of time",
	"SoftwareVersions": "4",
	"iEEGReference": "probably mastoid",
	"ElectrodeManufacturer": "AdTech;MCR[1:6];CR[1:6];PCR[1:8];SPR[1:8];OPR[1:10];APR[1:6];",
	"ElectrodeManufacturersModelName": "n\/a",
	"iEEGGround": "top of forehead or mastoid",
	"iEEGPlacementScheme": "right",
	"iEEGElectrodeGroups": "seeg;MCR[1x6];CR[1x6];PCR[1x8];SPR[1x8];OPR[1x10];APR[1x6];",
	"ElectricalStimulation": false,
	"ElectricalStimulationParameters": "n\/a"
}
